PATH
  remote: .
  specs:
    hyla (0.0.1)
      asciidoctor
      colorator (~> 0.1)
      commander (~> 4.1.3)
      em-websocket (~> 0.5)
      multi_json (~> 1.8)

GEM
  remote: https://rubygems.org/
  specs:
    asciidoctor (0.1.4)
    celluloid (0.15.2)
      timers (~> 1.1.0)
    colorator (0.1)
    commander (4.1.5)
      highline (~> 1.6.11)
    em-websocket (0.5.0)
      eventmachine (>= 0.12.9)
      http_parser.rb (~> 0.5.3)
    eventmachine (1.0.3)
    ffi (1.9.3)
    highline (1.6.20)
    http_parser.rb (0.5.3)
    json (1.8.1)
    listen (2.3.1)
      celluloid (>= 0.15.2)
      rb-fsevent (>= 0.9.3)
      rb-inotify (>= 0.9)
    multi_json (1.8.2)
    rake (10.1.0)
    rb-fsevent (0.9.3)
    rb-inotify (0.9.2)
      ffi (>= 0.5.0)
    rdoc (3.12.2)
      json (~> 1.4)
    timers (1.1.0)

PLATFORMS
  ruby

DEPENDENCIES
  bundler (~> 1.3)
  hyla!
  listen (~> 2.0)
  rake (~> 10.1)
  rdoc (~> 3.11)
