PATH
  remote: .
  specs:
    hyla (0.0.1)
      colorator (~> 0.1)
      commander (~> 4.1.3)

GEM
  remote: https://rubygems.org/
  specs:
    colorator (0.1)
    commander (4.1.5)
      highline (~> 1.6.11)
    highline (1.6.20)
    json (1.8.1)
    rake (10.1.0)
    rdoc (3.12.2)
      json (~> 1.4)

PLATFORMS
  ruby

DEPENDENCIES
  bundler (~> 1.3)
  hyla!
  rake (~> 10.1)
  rdoc (~> 3.11)
